GIT
  remote: git://github.com/29decibel/readit.git
  revision: 3333717588ac4440a559a175e4fc90180384a898
  specs:
    readit (0.0.7)
      hashie
      multi_json
      oauth

GIT
  remote: git://github.com/Sija/premailer-rails3.git
  revision: d44d70686f803b9af706c71436ecfff8b859f40d
  specs:
    premailer-rails3 (1.1.0)
      premailer (~> 1.7)
      rails (~> 3)

GIT
  remote: git://github.com/leppert/instapaper.git
  revision: e4570ab9caa6bb6adeefc5f52261cd0da914167e
  specs:
    instapaper (0.2.1)
      faraday_middleware (~> 0.7)
      multi_json (>= 1.0.3)
      rash (~> 0.3)
      simple_oauth (~> 0.1)

GIT
  remote: git://github.com/leppert/kippt.git
  revision: 7cbbdfce19e8bb3f14bfdf1ace83ecce99394706
  specs:
    kippt (1.1.0)
      faraday
      faraday_middleware
      multi_json (~> 1.3.4)

GIT
  remote: git://github.com/leppert/omniauth-37signals.git
  revision: c062fcd29d5f9440c12c1c55c2f20b93dd424ba4
  specs:
    omniauth-37signals (1.0.4)
      multi_json (~> 1.0)
      omniauth (~> 1.0)
      omniauth-oauth2 (~> 1.0)

GIT
  remote: git://github.com/leppert/omniauth-http-basic.git
  revision: 23e13a439fd148fe02636ca60adc5ef68270f55d
  specs:
    omniauth-http-basic (1.0.0)
      faraday
      omniauth

GIT
  remote: git://github.com/leppert/omniauth-kippt.git
  revision: 4cedf110660ad254ff0ed65cbd758777c134db54
  specs:
    omniauth-kippt (1.0.1)
      multi_json
      omniauth

GIT
  remote: git://github.com/leppert/requirejs-rails.git
  revision: 757be3b58c12439b73860434ced6787df9e84e6c
  specs:
    requirejs-rails (0.9.0)
      railties (>= 3.1.1, < 3.3)

GIT
  remote: git://github.com/oauth/oauth-ruby.git
  revision: e04ce113749fce8d37660826d9530ee6058aabea
  specs:
    oauth (0.4.7)

GIT
  remote: git://github.com/zzip/twitter_bootstrap_form_for.git
  revision: eb4f07f5a15d44db449b4335f2c57eb3899604ce
  specs:
    twitter_bootstrap_form_for (1.0.7)
      actionpack (~> 3)
      railties (~> 3)

GEM
  remote: http://rubygems.org/
  specs:
    actionmailer (3.2.8)
      actionpack (= 3.2.8)
      mail (~> 2.4.4)
    actionpack (3.2.8)
      activemodel (= 3.2.8)
      activesupport (= 3.2.8)
      builder (~> 3.0.0)
      erubis (~> 2.7.0)
      journey (~> 1.0.4)
      rack (~> 1.4.0)
      rack-cache (~> 1.2)
      rack-test (~> 0.6.1)
      sprockets (~> 2.1.3)
    activemodel (3.2.8)
      activesupport (= 3.2.8)
      builder (~> 3.0.0)
    activerecord (3.2.8)
      activemodel (= 3.2.8)
      activesupport (= 3.2.8)
      arel (~> 3.0.2)
      tzinfo (~> 0.3.29)
    activeresource (3.2.8)
      activemodel (= 3.2.8)
      activesupport (= 3.2.8)
    activesupport (3.2.8)
      i18n (~> 0.6)
      multi_json (~> 1.0)
    addressable (2.3.2)
    arel (3.0.2)
    aws-sdk (1.7.1)
      httparty (~> 0.7)
      json (~> 1.4)
      nokogiri (>= 1.4.4)
      uuidtools (~> 2.1)
    base58 (0.1.0)
    bitmask_attributes (0.3.0)
      activerecord (~> 3.0)
    bootstrap-will_paginate (0.0.9)
      will_paginate
    browser (0.1.5)
    builder (3.0.4)
    capybara (2.0.0)
      mime-types (>= 1.16)
      nokogiri (>= 1.3.3)
      rack (>= 1.0.0)
      rack-test (>= 0.5.4)
      selenium-webdriver (~> 2.0)
      xpath (~> 1.0.0)
    carrierwave (0.7.1)
      activemodel (>= 3.2.0)
      activesupport (>= 3.2.0)
    childprocess (0.3.6)
      ffi (~> 1.0, >= 1.0.6)
    cocaine (0.4.2)
    coffee-rails (3.2.2)
      coffee-script (>= 2.2.0)
      railties (~> 3.2.0)
    coffee-script (2.2.0)
      coffee-script-source
      execjs
    coffee-script-source (1.4.0)
    colorize (0.5.8)
    columnize (0.3.6)
    commonjs (0.2.6)
    connection_pool (0.9.2)
    crack (0.3.1)
    css_parser (1.2.6)
      addressable
      rdoc
    curb (0.8.3)
    daemons (1.1.9)
    dalli (2.5.0)
    debugger (1.2.1)
      columnize (>= 0.3.1)
      debugger-linecache (~> 1.1.1)
      debugger-ruby_core_source (~> 1.1.4)
    debugger-linecache (1.1.2)
      debugger-ruby_core_source (>= 1.1.1)
    debugger-ruby_core_source (1.1.4)
    delayed_job (3.0.1)
      activesupport (~> 3.0)
    delayed_job_active_record (0.3.3)
      activerecord (>= 2.1.0, < 4)
      delayed_job (~> 3.0)
    delayed_job_web (1.1.2)
      activerecord (> 3.0.0)
      delayed_job (> 2.0.3)
      haml (~> 3.1.3)
      rdoc
      sinatra (>= 0.9.2)
    diff-lcs (1.1.3)
    ejs (1.1.1)
    erubis (2.7.0)
    eventmachine (1.0.0)
    evernote-thrift (1.22.1)
    excon (0.16.8)
    execjs (1.4.0)
      multi_json (~> 1.0)
    faraday (0.8.4)
      multipart-post (~> 1.1)
    faraday_middleware (0.9.0)
      faraday (>= 0.7.4, < 0.9)
    fattr (2.2.1)
    ffi (1.1.5)
    fog (1.7.0)
      builder
      excon (~> 0.14)
      formatador (~> 0.2.0)
      mime-types
      multi_json (~> 1.0)
      net-scp (~> 1.0.4)
      net-ssh (>= 2.1.3)
      nokogiri (~> 1.5.0)
      ruby-hmac
    formatador (0.2.4)
    girl_friday (0.11.1)
      connection_pool (~> 0.9.0)
      rubinius-actor
    haml (3.1.7)
    hashie (1.2.0)
    highline (1.6.15)
    hike (1.2.1)
    hipchat (0.7.0)
      httparty
      httparty
    hirefireapp (0.0.8)
    htmlentities (4.3.1)
    http_parser.rb (0.5.3)
    httparty (0.9.0)
      multi_json (~> 1.0)
      multi_xml
    httpauth (0.2.0)
    i18n (0.6.1)
    journey (1.0.4)
    jquery-rails (2.1.3)
      railties (>= 3.1.0, < 5.0)
      thor (~> 0.14)
    json (1.7.5)
    jwt (0.1.5)
      multi_json (>= 1.0)
    kgio (2.7.4)
    koala (1.5.0)
      faraday (~> 0.7)
      multi_json (~> 1.3)
    konacha (1.5.1)
      actionpack (~> 3.1)
      capybara
      colorize
      railties (~> 3.1)
      sprockets
    less (2.2.2)
      commonjs (~> 0.2.6)
    less-rails (2.2.3)
      actionpack (>= 3.1)
      less (~> 2.2.0)
    libv8 (3.3.10.4)
    libwebsocket (0.1.5)
      addressable
    mail (2.4.4)
      i18n (>= 0.4.0)
      mime-types (~> 1.16)
      treetop (~> 1.4.8)
    mime-types (1.19)
    multi_json (1.3.7)
    multi_xml (0.5.1)
    multipart-post (1.1.5)
    net-scp (1.0.4)
      net-ssh (>= 1.99.1)
    net-ssh (2.6.1)
    nokogiri (1.5.5)
    oauth2 (0.8.0)
      faraday (~> 0.8)
      httpauth (~> 0.1)
      jwt (~> 0.1.4)
      multi_json (~> 1.0)
      rack (~> 1.2)
    omniauth (1.0.3)
      hashie (~> 1.2)
      rack
    omniauth-evernote (1.2.0)
      evernote-thrift
      multi_json (~> 1.0)
      omniauth-oauth (~> 1.0)
    omniauth-facebook (1.4.0)
      omniauth-oauth2 (~> 1.0.2)
    omniauth-instapaper (0.2.0)
      multi_json
      omniauth-xauth (~> 0.0.2)
    omniauth-oauth (1.0.1)
      oauth
      omniauth (~> 1.0)
    omniauth-oauth2 (1.0.3)
      oauth2 (~> 0.8.0)
      omniauth (~> 1.0)
    omniauth-pocket (0.1.0)
      omniauth (~> 1.0)
      omniauth-oauth2 (~> 1.0)
    omniauth-readability (0.0.1)
      multi_json
      omniauth (~> 1.0.0.rc2)
      omniauth-oauth (~> 1.0.0.rc2)
    omniauth-tumblr (1.1)
      omniauth-oauth (~> 1.0)
    omniauth-twitter (0.0.14)
      multi_json (~> 1.3)
      omniauth-oauth (~> 1.0)
    omniauth-xauth (0.0.2)
      oauth
      omniauth (~> 1.0)
    options (2.3.0)
      fattr
    paperclip (3.3.1)
      activemodel (>= 3.0.0)
      activerecord (>= 3.0.0)
      activesupport (>= 3.0.0)
      cocaine (~> 0.4.0)
      mime-types
    pg (0.14.1)
    polyglot (0.3.3)
    pr_geohash (1.0.0)
    premailer (1.7.3)
      css_parser (>= 1.1.9)
      htmlentities (>= 4.0.0)
    progress_bar (0.4.0)
      highline (~> 1.6.1)
      options (~> 2.3.0)
    pusher (0.11.0)
      multi_json (~> 1.0)
      signature (~> 0.1.4)
    rack (1.4.1)
    rack-cache (1.2)
      rack (>= 0.4)
    rack-cors (0.2.7)
      rack
    rack-protection (1.2.0)
      rack
    rack-ssl (1.3.2)
      rack
    rack-test (0.6.2)
      rack (>= 1.0)
    rails (3.2.8)
      actionmailer (= 3.2.8)
      actionpack (= 3.2.8)
      activerecord (= 3.2.8)
      activeresource (= 3.2.8)
      activesupport (= 3.2.8)
      bundler (~> 1.0)
      railties (= 3.2.8)
    rails-backbone (0.8.0)
      coffee-script (~> 2.2.0)
      ejs (~> 1.1.1)
      jquery-rails (~> 2.1.3)
      railties (>= 3.1.0)
    railties (3.2.8)
      actionpack (= 3.2.8)
      activesupport (= 3.2.8)
      rack-ssl (~> 1.3.2)
      rake (>= 0.8.7)
      rdoc (~> 3.4)
      thor (>= 0.14.6, < 2.0)
    raindrops (0.10.0)
    rake (10.0.1)
    rash (0.3.2)
      hashie (~> 1.2.0)
    rdoc (3.12)
      json (~> 1.4)
    rsolr (1.0.8)
      builder (>= 2.1.2)
    rspec-core (2.12.0)
    rspec-expectations (2.12.0)
      diff-lcs (~> 1.1.3)
    rspec-mocks (2.12.0)
    rspec-rails (2.12.0)
      actionpack (>= 3.0)
      activesupport (>= 3.0)
      railties (>= 3.0)
      rspec-core (~> 2.12.0)
      rspec-expectations (~> 2.12.0)
      rspec-mocks (~> 2.12.0)
    rubinius-actor (0.0.2)
      rubinius-core-api
    rubinius-core-api (0.0.1)
    ruby-hmac (0.4.0)
    rubyzip (0.9.9)
    sanitize (2.0.3)
      nokogiri (>= 1.4.4, < 1.6)
    sass (3.2.3)
    sass-rails (3.2.5)
      railties (~> 3.2.0)
      sass (>= 3.1.10)
      tilt (~> 1.3)
    selenium-webdriver (2.26.0)
      childprocess (>= 0.2.5)
      libwebsocket (~> 0.1.3)
      multi_json (~> 1.0)
      rubyzip
    signature (0.1.4)
    simple_oauth (0.1.9)
    sinatra (1.3.3)
      rack (~> 1.3, >= 1.3.6)
      rack-protection (~> 1.2)
      tilt (~> 1.3, >= 1.3.3)
    sitemap_generator (3.4)
      builder
    spork (1.0.0rc3)
    spork-rails (3.2.0)
      rails (>= 3.0.0, < 3.3.0)
      spork (>= 1.0rc0)
    sprockets (2.1.3)
      hike (~> 1.2)
      rack (~> 1.0)
      tilt (~> 1.1, != 1.3.0)
    sunspot (1.3.3)
      pr_geohash (~> 1.0)
      rsolr (~> 1.0.7)
    sunspot_rails (1.3.3)
      nokogiri
      sunspot (= 1.3.3)
    sunspot_solr (1.3.3)
    therubyracer (0.10.2)
      libv8 (~> 3.3.10)
    thor (0.16.0)
    thrift (0.9.0)
    tilt (1.3.3)
    tinder (1.9.1)
      eventmachine (>= 0.12.0, < 2)
      faraday (~> 0.8)
      faraday_middleware (~> 0.8)
      hashie (~> 1.0)
      json (~> 1.6)
      mime-types (~> 1.16)
      multi_json (~> 1.0)
      multipart-post (~> 1.1)
      twitter-stream (~> 0.1)
    treetop (1.4.12)
      polyglot
      polyglot (>= 0.3.1)
    tumblr-ruby (0.1.0)
      activesupport
      hashie
      oauth
      rack
    twitter (4.2.0)
      faraday (~> 0.8)
      multi_json (~> 1.3)
      simple_oauth (~> 0.1.6)
    twitter-bootstrap-rails (2.1.4)
      actionpack (>= 3.1)
      less-rails (~> 2.2.3)
      railties (>= 3.1)
      therubyracer (>= 0.10.2)
    twitter-stream (0.1.16)
      eventmachine (>= 0.12.8)
      http_parser.rb (~> 0.5.1)
      simple_oauth (~> 0.1.4)
    twitter-text (1.5.0)
      activesupport
    typhoeus (0.4.2)
      ffi (~> 1.0)
      mime-types (~> 1.18)
    tzinfo (0.3.35)
    uglifier (1.3.0)
      execjs (>= 0.3.0)
      multi_json (~> 1.0, >= 1.0.2)
    unicorn (4.4.0)
      kgio (~> 2.6)
      rack
      raindrops (~> 0.7)
    uuidtools (2.1.3)
    validate_email (0.1.6)
      activemodel (>= 3.0)
      mail (>= 2.2.5)
    watchr (0.7)
    will_paginate (3.0.3)
    xpath (1.0.0)
      nokogiri (~> 1.3)
    yajl-ruby (1.1.0)

PLATFORMS
  ruby

DEPENDENCIES
  addressable
  aws-sdk
  base58
  bitmask_attributes
  bootstrap-will_paginate
  browser
  carrierwave
  coffee-rails
  crack
  curb (~> 0.8.0)
  daemons
  dalli
  debugger
  delayed_job (= 3.0.1)
  delayed_job_active_record
  delayed_job_web
  evernote-thrift
  fog
  girl_friday
  hipchat
  hirefireapp
  instapaper!
  jquery-rails
  kippt!
  koala
  konacha (~> 1.0)
  less-rails
  nokogiri
  oauth!
  omniauth
  omniauth-37signals!
  omniauth-evernote
  omniauth-facebook (= 1.4.0)
  omniauth-http-basic!
  omniauth-instapaper
  omniauth-kippt!
  omniauth-pocket
  omniauth-readability
  omniauth-tumblr
  omniauth-twitter
  paperclip
  pg
  premailer-rails3!
  progress_bar
  pusher
  rack-cors
  rails (= 3.2.8)
  rails-backbone
  readit!
  requirejs-rails!
  rspec-rails
  sanitize
  sass-rails
  sitemap_generator
  spork-rails
  sunspot_rails
  sunspot_solr
  therubyracer
  thrift
  tinder
  tumblr-ruby
  twitter
  twitter-bootstrap-rails (= 2.1.4)
  twitter-text
  twitter_bootstrap_form_for!
  typhoeus
  uglifier
  unicorn
  validate_email
  watchr
  will_paginate
  yajl-ruby
